GEM
  remote: http://rubygems.org/
  specs:
    activesupport (3.2.12)
      i18n (~> 0.6)
      multi_json (~> 1.0)
    http_router (0.10.2)
      rack (>= 1.0.0)
      url_mount (~> 0.2.1)
    i18n (0.6.1)
    multi_json (1.5.1)
    padrino-core (0.10.7)
      activesupport (~> 3.2.0)
      http_router (~> 0.10.2)
      sinatra (~> 1.3.1)
      thor (~> 0.15.2)
      tilt (~> 1.3.0)
    rack (1.5.2)
    rack-protection (1.3.2)
      rack
    sinatra (1.3.4)
      rack (~> 1.4)
      rack-protection (~> 1.3)
      tilt (~> 1.3, >= 1.3.3)
    thor (0.15.4)
    tilt (1.3.3)
    url_mount (0.2.1)
      rack

PLATFORMS
  ruby

DEPENDENCIES
  multi_json
  padrino-core
